GIT
  remote: https://github.com/amatsuda/i18n_generators.git
  revision: cfb25c7d79cddd841df6ed0f8e5865dc25cc253c
  specs:
    i18n_generators (2.2.2)
      activerecord (>= 3.0.0)
      railties (>= 3.0.0)

GIT
  remote: https://github.com/ankane/strong_migrations.git
  revision: 4e928b5ba5519f92a84fbe7b1b439dfd24d6aa60
  specs:
    strong_migrations (1.6.3)
      activerecord (>= 5.2)

GIT
  remote: https://github.com/mperham/sidekiq.git
  revision: bab4b4918e5765951ed04494940093e76bfab34f
  specs:
    sidekiq (7.1.6)
      concurrent-ruby (< 2)
      connection_pool (>= 2.3.0)
      rack (>= 2.2.4)
      redis-client (>= 0.14.0)

GIT
  remote: https://github.com/paper-trail-gem/paper_trail.git
  revision: d84270fec4141f424006bdf4ad6a4cff4e1bd452
  specs:
    paper_trail (15.0.0)
      activerecord (>= 6.1)
      request_store (~> 1.4)

GIT
  remote: https://github.com/prawnpdf/prawn.git
  revision: 8ceaa105f3e6038fac2eb4b84355d71b00d895f3
  specs:
    prawn (2.4.0)
      matrix (~> 0.4)
      pdf-core (~> 0.9.0)
      ttfunk (~> 1.7)

GIT
  remote: https://github.com/reckerswartz/two_factor_authentication.git
  revision: fc88ef7ed64a0adb5e6f0c80cc2036895b5d45e0
  branch: patch-1
  specs:
    two_factor_authentication (2.2.0)
      devise
      encryptor
      rails (>= 3.1.1)
      randexp
      rotp (>= 4.0.0)

GIT
  remote: https://github.com/tleish/pronto-erb_lint.git
  revision: a3f8df5b6546e2438dcf3fb419fd100c47d3b15c
  specs:
    pronto-erb_lint (0.1.6)
      erb_lint (~> 0.1, >= 0.1.1)
      pronto (~> 0.9, > 0.9.0)

GEM
  remote: https://rubygems.org/
  specs:
    aasm (5.5.0)
      concurrent-ruby (~> 1.0)
    actioncable (7.1.0)
      actionpack (= 7.1.0)
      activesupport (= 7.1.0)
      nio4r (~> 2.0)
      websocket-driver (>= 0.6.1)
      zeitwerk (~> 2.6)
    actionmailbox (7.1.0)
      actionpack (= 7.1.0)
      activejob (= 7.1.0)
      activerecord (= 7.1.0)
      activestorage (= 7.1.0)
      activesupport (= 7.1.0)
      mail (>= 2.7.1)
      net-imap
      net-pop
      net-smtp
    actionmailer (7.1.0)
      actionpack (= 7.1.0)
      actionview (= 7.1.0)
      activejob (= 7.1.0)
      activesupport (= 7.1.0)
      mail (~> 2.5, >= 2.5.4)
      net-imap
      net-pop
      net-smtp
      rails-dom-testing (~> 2.2)
    actionpack (7.1.0)
      actionview (= 7.1.0)
      activesupport (= 7.1.0)
      nokogiri (>= 1.8.5)
      rack (>= 2.2.4)
      rack-session (>= 1.0.1)
      rack-test (>= 0.6.3)
      rails-dom-testing (~> 2.2)
      rails-html-sanitizer (~> 1.6)
    actiontext (7.1.0)
      actionpack (= 7.1.0)
      activerecord (= 7.1.0)
      activestorage (= 7.1.0)
      activesupport (= 7.1.0)
      globalid (>= 0.6.0)
      nokogiri (>= 1.8.5)
    actionview (7.1.0)
      activesupport (= 7.1.0)
      builder (~> 3.1)
      erubi (~> 1.11)
      rails-dom-testing (~> 2.2)
      rails-html-sanitizer (~> 1.6)
    active_link_to (1.0.5)
      actionpack
      addressable
    active_storage_validations (1.0.4)
      activejob (>= 5.2.0)
      activemodel (>= 5.2.0)
      activestorage (>= 5.2.0)
      activesupport (>= 5.2.0)
    activejob (7.1.0)
      activesupport (= 7.1.0)
      globalid (>= 0.3.6)
    activemodel (7.1.0)
      activesupport (= 7.1.0)
    activerecord (7.1.0)
      activemodel (= 7.1.0)
      activesupport (= 7.1.0)
      timeout (>= 0.4.0)
    activestorage (7.1.0)
      actionpack (= 7.1.0)
      activejob (= 7.1.0)
      activerecord (= 7.1.0)
      activesupport (= 7.1.0)
      marcel (~> 1.0)
    activesupport (7.1.0)
      base64
      bigdecimal
      concurrent-ruby (~> 1.0, >= 1.0.2)
      connection_pool (>= 2.2.5)
      drb
      i18n (>= 1.6, < 2)
      minitest (>= 5.1)
      mutex_m
      tzinfo (~> 2.0)
    addressable (2.8.5)
      public_suffix (>= 2.0.2, < 6.0)
    after_commit_everywhere (1.3.1)
      activerecord (>= 4.2)
      activesupport
    ahoy_matey (4.2.1)
      activesupport (>= 5.2)
      device_detector
      safely_block (>= 0.2.1)
    airbrake (13.0.3)
      airbrake-ruby (~> 6.0)
    airbrake-ruby (6.2.2)
      rbtree3 (~> 0.6)
    airbrussh (1.5.0)
      sshkit (>= 1.6.1, != 1.7.0)
    ajax-datatables-rails (1.4.0)
      rails (>= 5.2)
      zeitwerk
    amoeba (3.3.0)
      activerecord (>= 5.2.0)
    android_key_attestation (0.3.0)
    annotate (3.2.0)
      activerecord (>= 3.2, < 8.0)
      rake (>= 10.4, < 14.0)
    ast (2.4.2)
    attr_extras (7.1.0)
    awrence (1.2.1)
    aws-eventstream (1.2.0)
    aws-partitions (1.834.0)
    aws-sdk-core (3.185.1)
      aws-eventstream (~> 1, >= 1.0.2)
      aws-partitions (~> 1, >= 1.651.0)
      aws-sigv4 (~> 1.5)
      jmespath (~> 1, >= 1.6.1)
    aws-sdk-kms (1.72.0)
      aws-sdk-core (~> 3, >= 3.184.0)
      aws-sigv4 (~> 1.1)
    aws-sdk-s3 (1.136.0)
      aws-sdk-core (~> 3, >= 3.181.0)
      aws-sdk-kms (~> 1)
      aws-sigv4 (~> 1.6)
    aws-sigv4 (1.6.0)
      aws-eventstream (~> 1, >= 1.0.2)
    base64 (0.1.1)
    bcrypt (3.1.19)
    better_html (1.0.16)
      actionview (>= 4.0)
      activesupport (>= 4.0)
      ast (~> 2.0)
      erubi (~> 1.4)
      html_tokenizer (~> 0.0.6)
      parser (>= 2.4)
      smart_properties
    bigdecimal (3.1.4)
    bindata (2.4.15)
    bindex (0.8.1)
    bootsnap (1.16.0)
      msgpack (~> 1.2)
    brakeman (5.4.1)
    builder (3.2.4)
    bullet (7.1.1)
      activesupport (>= 3.0.0)
      uniform_notifier (~> 1.11)
    cancancan (3.5.0)
    capistrano (3.17.3)
      airbrussh (>= 1.0.0)
      i18n
      rake (>= 10.0.0)
      sshkit (>= 1.9.0)
    capistrano-bundler (2.1.0)
      capistrano (~> 3.1)
    capistrano-passenger (0.2.1)
      capistrano (~> 3.0)
    capistrano-rails (1.6.3)
      capistrano (~> 3.1)
      capistrano-bundler (>= 1.1, < 3)
    capistrano-rake (0.2.0)
      capistrano (>= 3.0)
    capistrano-rvm (0.1.2)
      capistrano (~> 3.0)
      sshkit (~> 1.2)
    cbor (0.5.9.6)
    character_set (1.7.0)
    chartkick (5.0.4)
    chunky_png (1.4.0)
    client_side_validations (22.1.1)
      js_regex (~> 3.7)
      rails (>= 6.1, < 7.2)
    cocoon (1.2.15)
    code_analyzer (0.5.5)
      sexp_processor
    concurrent-ruby (1.2.2)
    connection_pool (2.4.1)
    cose (1.3.0)
      cbor (~> 0.5.9)
      openssl-signature_algorithm (~> 1.0)
    countries (5.7.0)
      unaccent (~> 0.3)
    crass (1.0.6)
    cssbundling-rails (1.3.3)
      railties (>= 6.0.0)
    date (3.3.3)
    debug (1.8.0)
      irb (>= 1.5.0)
      reline (>= 0.3.1)
    device_detector (1.1.1)
    devise (4.9.2)
      bcrypt (~> 3.0)
      orm_adapter (~> 0.1)
      railties (>= 4.1.0)
      responders
      warden (~> 1.2.3)
    devise-pwned_password (0.1.10)
      devise (~> 4)
      pwned (~> 2.0.0)
    devise-security (0.17.0)
      devise (>= 4.3.0)
    diff-lcs (1.5.0)
    discard (1.3.0)
      activerecord (>= 4.2, < 8)
    down (5.4.1)
      addressable (~> 2.8)
    drb (2.1.1)
      ruby2_keywords
    encryptor (3.0.0)
    erb_lint (0.1.3)
      activesupport
      better_html (~> 1.0.7)
      html_tokenizer
      parser (>= 2.7.1.4)
      rainbow
      rubocop
      smart_properties
    erubi (1.12.0)
    erubis (2.7.0)
    factory_bot (6.2.1)
      activesupport (>= 5.0.0)
    factory_bot_rails (6.2.0)
      factory_bot (~> 6.2.0)
      railties (>= 5.0.0)
    faker (3.2.1)
      i18n (>= 1.8.11, < 2)
    faraday (2.7.11)
      base64
      faraday-net_http (>= 2.0, < 3.1)
      ruby2_keywords (>= 0.0.4)
    faraday-net_http (3.0.2)
    ffi (1.16.3)
    friendly_id (5.5.0)
      activerecord (>= 4.0.0)
    geocoder (1.8.2)
    gitlab (4.19.0)
      httparty (~> 0.20)
      terminal-table (>= 1.5.1)
    globalid (1.2.1)
      activesupport (>= 6.1)
    googleauth (1.8.1)
      faraday (>= 0.17.3, < 3.a)
      jwt (>= 1.4, < 3.0)
      multi_json (~> 1.11)
      os (>= 0.9, < 2.0)
      signet (>= 0.16, < 2.a)
    gravatar_image_tag (1.2.0)
    groupdate (6.4.0)
      activesupport (>= 6.1)
    haikunator (1.1.1)
    haml (6.2.3)
      temple (>= 0.8.2)
      thor
      tilt
    hashie (5.0.0)
    html_tokenizer (0.0.7)
    http_accept_language (2.1.1)
    httparty (0.21.0)
      mini_mime (>= 1.0.0)
      multi_xml (>= 0.5.2)
    i18n (1.14.1)
      concurrent-ruby (~> 1.0)
    image_processing (1.12.2)
      mini_magick (>= 4.9.5, < 5)
      ruby-vips (>= 2.0.17, < 3)
    inline_svg (1.9.0)
      activesupport (>= 3.0)
      nokogiri (>= 1.6)
    io-console (0.6.0)
    irb (1.8.1)
      rdoc
      reline (>= 0.3.8)
    jbuilder (2.11.5)
      actionview (>= 5.0.0)
      activesupport (>= 5.0.0)
    jmespath (1.6.2)
    js_regex (3.11.0)
      character_set (~> 1.4)
      regexp_parser (>= 2.6.2, < 3.0.0)
      regexp_property_values (~> 1.0)
    jsbundling-rails (1.2.1)
      railties (>= 6.0.0)
    json (2.6.3)
    jwt (2.7.1)
    kwalify (0.7.2)
    language_server-protocol (3.17.0.3)
    launchy (2.5.2)
      addressable (~> 2.8)
    letter_opener (1.8.1)
      launchy (>= 2.2, < 3)
    loaf (0.10.0)
      railties (>= 3.2)
    loofah (2.21.4)
      crass (~> 1.0.2)
      nokogiri (>= 1.12.0)
    mail (2.8.1)
      mini_mime (>= 0.1.1)
      net-imap
      net-pop
      net-smtp
    marcel (1.0.2)
    matrix (0.4.2)
    meta-tags (2.19.0)
      actionpack (>= 3.2.0, < 7.2)
    mini_magick (4.12.0)
    mini_mime (1.1.5)
    minitest (5.20.0)
    monetize (1.12.0)
      money (~> 6.12)
    money (6.16.0)
      i18n (>= 0.6.4, <= 2)
    money-rails (1.15.0)
      activesupport (>= 3.0)
      monetize (~> 1.9)
      money (~> 6.13)
      railties (>= 3.0)
    msgpack (1.7.2)
    multi_json (1.15.0)
    multi_xml (0.6.0)
    mutex_m (0.1.2)
    name_of_person (1.1.2)
      activesupport (>= 5.2.0)
    net-imap (0.4.1)
      date
      net-protocol
    net-pop (0.1.2)
      net-protocol
    net-protocol (0.2.1)
      timeout
    net-scp (4.0.0)
      net-ssh (>= 2.6.5, < 8.0.0)
    net-smtp (0.4.0)
      net-protocol
    net-ssh (7.2.0)
    nio4r (2.5.9)
    nokogiri (1.15.4-x86_64-linux)
      racc (~> 1.4)
    oauth2 (2.0.9)
      faraday (>= 0.17.3, < 3.0)
      jwt (>= 1.0, < 3.0)
      multi_xml (~> 0.5)
      rack (>= 1.2, < 4)
      snaky_hash (~> 2.0)
      version_gem (~> 1.1)
    octokit (6.1.1)
      faraday (>= 1, < 3)
      sawyer (~> 0.9)
    omniauth (2.1.1)
      hashie (>= 3.4.6)
      rack (>= 2.2.3)
      rack-protection
    omniauth-facebook (9.0.0)
      omniauth-oauth2 (~> 1.2)
    omniauth-oauth2 (1.8.0)
      oauth2 (>= 1.4, < 3)
      omniauth (~> 2.0)
    omniauth-rails_csrf_protection (1.0.1)
      actionpack (>= 4.2)
      omniauth (~> 2.0)
    openssl (3.0.2)
    openssl-signature_algorithm (1.3.0)
      openssl (> 2.0)
    orm_adapter (0.5.0)
    os (1.1.4)
    paper_trail-association_tracking (2.2.1)
      paper_trail (>= 12.0)
    paper_trail-globalid (0.2.0)
      globalid
      paper_trail (>= 3.0.0)
    parallel (1.23.0)
    parser (3.2.2.4)
      ast (~> 2.4.1)
      racc
    pdf-core (0.9.0)
    pg (1.5.4)
    phonelib (0.8.4)
    prettier (3.2.2)
      syntax_tree (>= 2.7.1)
      syntax_tree-haml (>= 1.1.0)
      syntax_tree-rbs (>= 0.2.0)
    prettier_print (1.2.1)
    pronto (0.11.1)
      gitlab (>= 4.4.0, < 5.0)
      httparty (>= 0.13.7, < 1.0)
      octokit (>= 4.7.0, < 7.0)
      rainbow (>= 2.2, < 4.0)
      rexml (>= 3.2.5, < 4.0)
      rugged (>= 0.23.0, < 2.0)
      thor (>= 0.20.3, < 2.0)
    pronto-brakeman (0.11.2)
      brakeman (>= 3.2.0)
      pronto (~> 0.11.0)
    pronto-rails_best_practices (0.11.0)
      pronto (~> 0.11.0)
      rails_best_practices (~> 1.16, >= 1.15.0)
    pronto-reek (0.11.1)
      pronto (~> 0.11.0)
      reek (>= 4.2, < 7.0)
    pronto-rubocop (0.11.5)
      pronto (~> 0.11.0)
      rubocop (>= 0.63.1, < 2.0)
    pronto-stylelint (0.10.2)
      pronto (>= 0.10, < 0.12)
      rugged (>= 0.24, < 2.0)
    psych (5.1.1)
      stringio
    public_suffix (5.0.3)
    puma (6.4.0)
      nio4r (~> 2.0)
    pundit (2.3.1)
      activesupport (>= 3.0.0)
    pwned (2.0.2)
    racc (1.7.1)
    rack (2.2.8)
    rack-mini-profiler (3.1.1)
      rack (>= 1.2.0)
    rack-protection (3.1.0)
      rack (~> 2.2, >= 2.2.4)
    rack-session (1.0.1)
      rack (< 3)
    rack-test (2.1.0)
      rack (>= 1.3)
    rackup (1.0.0)
      rack (< 3)
      webrick
    rails (7.1.0)
      actioncable (= 7.1.0)
      actionmailbox (= 7.1.0)
      actionmailer (= 7.1.0)
      actionpack (= 7.1.0)
      actiontext (= 7.1.0)
      actionview (= 7.1.0)
      activejob (= 7.1.0)
      activemodel (= 7.1.0)
      activerecord (= 7.1.0)
      activestorage (= 7.1.0)
      activesupport (= 7.1.0)
      bundler (>= 1.15.0)
      railties (= 7.1.0)
    rails-controller-testing (1.0.5)
      actionpack (>= 5.0.1.rc1)
      actionview (>= 5.0.1.rc1)
      activesupport (>= 5.0.1.rc1)
    rails-dom-testing (2.2.0)
      activesupport (>= 5.0.0)
      minitest
      nokogiri (>= 1.6)
    rails-html-sanitizer (1.6.0)
      loofah (~> 2.21)
      nokogiri (~> 1.14)
    rails-i18n (7.0.8)
      i18n (>= 0.7, < 2)
      railties (>= 6.0.0, < 8)
    rails_best_practices (1.23.2)
      activesupport
      code_analyzer (~> 0.5.5)
      erubis
      i18n
      json
      require_all (~> 3.0)
      ruby-progressbar
    rails_real_favicon (0.1.1)
      json (>= 1.7, < 3)
      rails
      rubyzip (~> 2)
    railties (7.1.0)
      actionpack (= 7.1.0)
      activesupport (= 7.1.0)
      irb
      rackup (>= 1.0.0)
      rake (>= 12.2)
      thor (~> 1.0, >= 1.2.2)
      zeitwerk (~> 2.6)
    rainbow (3.1.1)
    rake (13.0.6)
    randexp (0.1.7)
    rbs (3.2.2)
    rbtree3 (0.7.1)
    rdoc (6.5.0)
      psych (>= 4.0.0)
    redis (5.0.7)
      redis-client (>= 0.9.0)
    redis-client (0.17.0)
      connection_pool
    reek (6.1.4)
      kwalify (~> 0.7.0)
      parser (~> 3.2.0)
      rainbow (>= 2.0, < 4.0)
    regexp_parser (2.8.2)
    regexp_property_values (1.4.0)
    reline (0.3.9)
      io-console (~> 0.5)
    request_store (1.5.1)
      rack (>= 1.4)
    require_all (3.0.0)
    responders (3.1.0)
      actionpack (>= 5.2)
      railties (>= 5.2)
    rexml (3.2.6)
    rolify (6.0.1)
    rollups (0.2.0)
      activesupport (>= 5.2)
      groupdate (>= 6.1)
    rotp (6.3.0)
    rqrcode (2.2.0)
      chunky_png (~> 1.0)
      rqrcode_core (~> 1.0)
    rqrcode_core (1.2.0)
    rspec-core (3.12.2)
      rspec-support (~> 3.12.0)
    rspec-expectations (3.12.3)
      diff-lcs (>= 1.2.0, < 2.0)
      rspec-support (~> 3.12.0)
    rspec-mocks (3.12.6)
      diff-lcs (>= 1.2.0, < 2.0)
      rspec-support (~> 3.12.0)
    rspec-rails (6.0.3)
      actionpack (>= 6.1)
      activesupport (>= 6.1)
      railties (>= 6.1)
      rspec-core (~> 3.12)
      rspec-expectations (~> 3.12)
      rspec-mocks (~> 3.12)
      rspec-support (~> 3.12)
    rspec-support (3.12.1)
    rubocop (1.57.0)
      base64 (~> 0.1.1)
      json (~> 2.3)
      language_server-protocol (>= 3.17.0)
      parallel (~> 1.10)
      parser (>= 3.2.2.4)
      rainbow (>= 2.2.2, < 4.0)
      regexp_parser (>= 1.8, < 3.0)
      rexml (>= 3.2.5, < 4.0)
      rubocop-ast (>= 1.28.1, < 2.0)
      ruby-progressbar (~> 1.7)
      unicode-display_width (>= 2.4.0, < 3.0)
    rubocop-ast (1.29.0)
      parser (>= 3.2.1.0)
    rubocop-capybara (2.19.0)
      rubocop (~> 1.41)
    rubocop-factory_bot (2.24.0)
      rubocop (~> 1.33)
    rubocop-performance (1.19.1)
      rubocop (>= 1.7.0, < 2.0)
      rubocop-ast (>= 0.4.0)
    rubocop-rails (2.21.2)
      activesupport (>= 4.2.0)
      rack (>= 1.1)
      rubocop (>= 1.33.0, < 2.0)
    rubocop-rspec (2.24.1)
      rubocop (~> 1.33)
      rubocop-capybara (~> 2.17)
      rubocop-factory_bot (~> 2.22)
    ruby-progressbar (1.13.0)
    ruby-vips (2.1.4)
      ffi (~> 1.12)
    ruby2_keywords (0.0.5)
    rubyzip (2.3.2)
    rugged (1.7.1)
    safely_block (0.4.0)
    safety_net_attestation (0.4.0)
      jwt (~> 2.0)
    sawyer (0.9.2)
      addressable (>= 2.3.5)
      faraday (>= 0.17.3, < 3)
    sexp_processor (4.17.0)
    shoulda-matchers (5.3.0)
      activesupport (>= 5.2.0)
    signet (0.18.0)
      addressable (~> 2.8)
      faraday (>= 0.17.5, < 3.a)
      jwt (>= 1.5, < 3.0)
      multi_json (~> 1.10)
    smart_properties (1.17.0)
    snaky_hash (2.0.1)
      hashie
      version_gem (~> 1.1, >= 1.1.1)
    sprockets (4.2.1)
      concurrent-ruby (~> 1.0)
      rack (>= 2.2.4, < 4)
    sprockets-rails (3.4.2)
      actionpack (>= 5.2)
      activesupport (>= 5.2)
      sprockets (>= 3.0.0)
    sshkit (1.21.5)
      net-scp (>= 1.1.2)
      net-ssh (>= 2.8.0)
    stimulus-rails (1.3.0)
      railties (>= 6.0.0)
    stringio (3.0.8)
    syntax_tree (6.2.0)
      prettier_print (>= 1.2.0)
    syntax_tree-haml (4.0.3)
      haml (>= 5.2)
      prettier_print (>= 1.2.1)
      syntax_tree (>= 6.0.0)
    syntax_tree-rbs (1.0.0)
      prettier_print
      rbs
      syntax_tree (>= 2.0.1)
    temple (0.10.3)
    terminal-table (3.0.2)
      unicode-display_width (>= 1.1.1, < 3)
    thor (1.2.2)
    tilt (2.3.0)
    timeout (0.4.0)
    timezone (1.3.23)
    tpm-key_attestation (0.11.0)
      bindata (~> 2.4)
      openssl (> 2.0, < 3.1)
      openssl-signature_algorithm (~> 1.0)
    ttfunk (1.7.0)
    turbo-rails (1.5.0)
      actionpack (>= 6.0.0)
      activejob (>= 6.0.0)
      railties (>= 6.0.0)
    tzinfo (2.0.6)
      concurrent-ruby (~> 1.0)
    unaccent (0.4.0)
    unicode-display_width (2.5.0)
    uniform_notifier (1.16.0)
    valid_email2 (4.0.6)
      activemodel (>= 3.2)
      mail (~> 2.5)
    version_gem (1.1.3)
    warden (1.2.9)
      rack (>= 2.0.9)
    web-console (4.2.1)
      actionview (>= 6.0.0)
      activemodel (>= 6.0.0)
      bindex (>= 0.4.0)
      railties (>= 6.0.0)
    webauthn (2.5.2)
      android_key_attestation (~> 0.3.0)
      awrence (~> 1.1)
      bindata (~> 2.4)
      cbor (~> 0.5.9)
      cose (~> 1.1)
      openssl (>= 2.2, < 3.1)
      safety_net_attestation (~> 0.4.0)
      tpm-key_attestation (~> 0.11.0)
    webrick (1.8.1)
    websocket-driver (0.7.6)
      websocket-extensions (>= 0.1.0)
    websocket-extensions (0.1.5)
    yajl-ruby (1.4.3)
    zeitwerk (2.6.12)

PLATFORMS
  x86_64-linux

DEPENDENCIES
  aasm (~> 5.4)
  active_link_to (~> 1.0, >= 1.0.5)
  active_storage_validations (~> 1.0.0)
  after_commit_everywhere (~> 1.2, >= 1.2.2)
  ahoy_matey (~> 4.2)
  airbrake (~> 13.0)
  ajax-datatables-rails (~> 1.3, >= 1.3.1)
  amoeba (~> 3.2)
  annotate (~> 3.2)
  attr_extras (~> 7.1)
  aws-sdk-s3 (~> 1.117)
  better_html (~> 1.0, >= 1.0.16)
  bootsnap (~> 1.16)
  brakeman (~> 5.3)
  bullet (~> 7.0)
  cancancan (~> 3.5)
  capistrano (~> 3.17)
  capistrano-passenger (~> 0.2.1)
  capistrano-rails (~> 1.6)
  capistrano-rake (~> 0.2.0)
  capistrano-rvm (~> 0.1.2)
  chartkick (~> 5.0)
  client_side_validations (~> 22.1, >= 22.1.1)
  cocoon (~> 1.2, >= 1.2.15)
  countries (~> 5.2)
  cssbundling-rails (~> 1.2)
  debug
  devise (~> 4.9)
  devise-pwned_password (~> 0.1.9)
  devise-security (~> 0.17.0)
  discard (~> 1.2)
  down (~> 5.4)
  erb_lint (~> 0.1.3)
  factory_bot_rails (~> 6.2)
  faker (~> 3.2)
  friendly_id (~> 5.4, >= 5.4.2)
  geocoder (~> 1.8)
  googleauth (~> 1.5, >= 1.5.2)
  gravatar_image_tag (~> 1.2)
  groupdate (~> 6.1)
  haikunator (~> 1.1, >= 1.1.1)
  http_accept_language (~> 2.1, >= 2.1.1)
  httparty (~> 0.21.0)
  i18n_generators!
  image_processing (~> 1.12)
  inline_svg (~> 1.8)
  jbuilder (~> 2.11, >= 2.11.5)
  jsbundling-rails (~> 1.1)
  letter_opener (~> 1.8)
  loaf (~> 0.10.0)
  meta-tags (~> 2.18)
  money-rails (~> 1.15)
  name_of_person (~> 1.1, >= 1.1.1)
  omniauth-facebook (~> 9.0)
  omniauth-rails_csrf_protection (~> 1.0, >= 1.0.1)
  paper_trail!
  paper_trail-association_tracking (~> 2.2, >= 2.2.1)
  paper_trail-globalid (~> 0.2.0)
  pg (~> 1.4)
  phonelib (~> 0.8.2)
  prawn!
  prettier (~> 3.2)
  pronto (~> 0.11.1)
  pronto-brakeman (~> 0.11.0)
  pronto-erb_lint!
  pronto-rails_best_practices (~> 0.11.0)
  pronto-reek (~> 0.11.1)
  pronto-rubocop (~> 0.11.5)
  pronto-stylelint (~> 0.10.2)
  puma (~> 6.3)
  pundit (~> 2.3)
  rack-mini-profiler (~> 3.0)
  rails (~> 7.1)
  rails-controller-testing (~> 1.0, >= 1.0.5)
  rails-i18n (~> 7.0)
  rails_best_practices (~> 1.23)
  rails_real_favicon (~> 0.1.1)
  redis (~> 5.0)
  reek (~> 6.1)
  rolify (~> 6.0)
  rollups (~> 0.2.0)
  rqrcode (~> 2.1)
  rspec-rails (~> 6.0)
  rubocop (~> 1.42)
  rubocop-performance (~> 1.15)
  rubocop-rails (~> 2.16)
  rubocop-rspec (~> 2.22)
  ruby-vips (~> 2.1, >= 2.1.4)
  shoulda-matchers (~> 5.3)
  sidekiq (~> 7.1)!
  sprockets-rails (~> 3.4, >= 3.4.2)
  stimulus-rails (~> 1.1)
  strong_migrations!
  timezone (~> 1.3)
  turbo-rails (~> 1.3)
  two_factor_authentication!
  valid_email2 (~> 4.0)
  web-console (~> 4.1)
  webauthn (~> 2.5, >= 2.5.2)
  yajl-ruby (~> 1.4)

RUBY VERSION
   ruby 3.2.2p53

BUNDLED WITH
   2.4.20
